GIT
  remote: https://github.com/rails/rails.git
  revision: 61cf029f8269fe4214c54dd911f62c335371e6e8
  branch: main
  specs:
    actioncable (7.1.0.alpha)
      actionpack (= 7.1.0.alpha)
      activesupport (= 7.1.0.alpha)
      nio4r (~> 2.0)
      websocket-driver (>= 0.6.1)
    actionmailbox (7.1.0.alpha)
      actionpack (= 7.1.0.alpha)
      activejob (= 7.1.0.alpha)
      activerecord (= 7.1.0.alpha)
      activestorage (= 7.1.0.alpha)
      activesupport (= 7.1.0.alpha)
      mail (>= 2.7.1)
      net-imap
      net-pop
      net-smtp
    actionmailer (7.1.0.alpha)
      actionpack (= 7.1.0.alpha)
      actionview (= 7.1.0.alpha)
      activejob (= 7.1.0.alpha)
      activesupport (= 7.1.0.alpha)
      mail (~> 2.5, >= 2.5.4)
      net-imap
      net-pop
      net-smtp
      rails-dom-testing (~> 2.0)
    actionpack (7.1.0.alpha)
      actionview (= 7.1.0.alpha)
      activesupport (= 7.1.0.alpha)
      rack (~> 2.0, >= 2.2.0)
      rack-test (>= 0.6.3)
      rails-dom-testing (~> 2.0)
      rails-html-sanitizer (~> 1.0, >= 1.2.0)
    actiontext (7.1.0.alpha)
      actionpack (= 7.1.0.alpha)
      activerecord (= 7.1.0.alpha)
      activestorage (= 7.1.0.alpha)
      activesupport (= 7.1.0.alpha)
      globalid (>= 0.6.0)
      nokogiri (>= 1.8.5)
    actionview (7.1.0.alpha)
      activesupport (= 7.1.0.alpha)
      builder (~> 3.1)
      erubi (~> 1.4)
      rails-dom-testing (~> 2.0)
      rails-html-sanitizer (~> 1.1, >= 1.2.0)
    activejob (7.1.0.alpha)
      activesupport (= 7.1.0.alpha)
      globalid (>= 0.3.6)
    activemodel (7.1.0.alpha)
      activesupport (= 7.1.0.alpha)
    activerecord (7.1.0.alpha)
      activemodel (= 7.1.0.alpha)
      activesupport (= 7.1.0.alpha)
    activestorage (7.1.0.alpha)
      actionpack (= 7.1.0.alpha)
      activejob (= 7.1.0.alpha)
      activerecord (= 7.1.0.alpha)
      activesupport (= 7.1.0.alpha)
      marcel (~> 1.0)
      mini_mime (>= 1.1.0)
    activesupport (7.1.0.alpha)
      concurrent-ruby (~> 1.0, >= 1.0.2)
      i18n (>= 1.6, < 2)
      minitest (>= 5.1)
      tzinfo (~> 2.0)
    rails (7.1.0.alpha)
      actioncable (= 7.1.0.alpha)
      actionmailbox (= 7.1.0.alpha)
      actionmailer (= 7.1.0.alpha)
      actionpack (= 7.1.0.alpha)
      actiontext (= 7.1.0.alpha)
      actionview (= 7.1.0.alpha)
      activejob (= 7.1.0.alpha)
      activemodel (= 7.1.0.alpha)
      activerecord (= 7.1.0.alpha)
      activestorage (= 7.1.0.alpha)
      activesupport (= 7.1.0.alpha)
      bundler (>= 1.15.0)
      railties (= 7.1.0.alpha)
    railties (7.1.0.alpha)
      actionpack (= 7.1.0.alpha)
      activesupport (= 7.1.0.alpha)
      method_source
      rake (>= 12.2)
      thor (~> 1.0)
      zeitwerk (~> 2.5)

GEM
  remote: https://rubygems.org/
  specs:
    addressable (2.8.0)
      public_suffix (>= 2.0.2, < 5.0)
    bcrypt (3.1.16)
    bindex (0.8.1)
    bootsnap (1.10.3)
      msgpack (~> 1.2)
    builder (3.2.4)
    concurrent-ruby (1.1.9)
    crass (1.0.6)
    cssbundling-rails (1.0.0)
      railties (>= 6.0.0)
    debug (1.4.0)
      irb (>= 1.3.6)
      reline (>= 0.2.7)
    devise (4.8.1)
      bcrypt (~> 3.0)
      orm_adapter (~> 0.1)
      railties (>= 4.1.0)
      responders
      warden (~> 1.2.3)
    digest (3.1.0)
    erubi (1.10.0)
    globalid (1.0.0)
      activesupport (>= 5.0)
    i18n (1.9.1)
      concurrent-ruby (~> 1.0)
    io-console (0.5.11)
    io-wait (0.2.1)
    irb (1.4.1)
      reline (>= 0.3.0)
    jbuilder (2.11.5)
      actionview (>= 5.0.0)
      activesupport (>= 5.0.0)
    jsbundling-rails (1.0.0)
      railties (>= 6.0.0)
    launchy (2.5.0)
      addressable (~> 2.7)
    letter_opener (1.7.0)
      launchy (~> 2.2)
    loofah (2.13.0)
      crass (~> 1.0.2)
      nokogiri (>= 1.5.9)
    mail (2.7.1)
      mini_mime (>= 0.1.1)
    marcel (1.0.2)
    method_source (1.0.0)
    mini_mime (1.1.2)
    mini_portile2 (2.7.1)
    minitest (5.15.0)
    mono_logger (1.1.1)
    msgpack (1.4.4)
    multi_json (1.15.0)
    mustermann (1.1.1)
      ruby2_keywords (~> 0.0.1)
    net-imap (0.2.3)
      digest
      net-protocol
      strscan
    net-pop (0.1.1)
      digest
      net-protocol
      timeout
    net-protocol (0.1.2)
      io-wait
      timeout
    net-smtp (0.3.1)
      digest
      net-protocol
      timeout
    nio4r (2.5.8)
    nokogiri (1.13.1)
      mini_portile2 (~> 2.7.0)
      racc (~> 1.4)
    orm_adapter (0.5.0)
    pg (1.3.1)
    public_suffix (4.0.6)
    puma (5.6.1)
      nio4r (~> 2.0)
    racc (1.6.0)
    rack (2.2.3)
    rack-protection (2.1.0)
      rack
    rack-test (1.1.0)
      rack (>= 1.0, < 3)
    rails-dom-testing (2.0.3)
      activesupport (>= 4.2.0)
      nokogiri (>= 1.6)
    rails-html-sanitizer (1.4.2)
      loofah (~> 2.3)
    rake (13.0.6)
    redis (4.6.0)
    redis-namespace (1.8.1)
      redis (>= 3.0.4)
    reline (0.3.1)
      io-console (~> 0.5)
    responders (3.0.1)
      actionpack (>= 5.0)
      railties (>= 5.0)
    resque (2.2.0)
      mono_logger (~> 1.0)
      multi_json (~> 1.0)
      redis-namespace (~> 1.6)
      sinatra (>= 0.9.2)
      vegas (~> 0.1.2)
    ruby2_keywords (0.0.5)
    sinatra (2.1.0)
      mustermann (~> 1.0)
      rack (~> 2.2)
      rack-protection (= 2.1.0)
      tilt (~> 2.0)
    sprockets (4.0.2)
      concurrent-ruby (~> 1.0)
      rack (> 1, < 3)
    sprockets-rails (3.4.2)
      actionpack (>= 5.2)
      activesupport (>= 5.2)
      sprockets (>= 3.0.0)
    stimulus-rails (1.0.2)
      railties (>= 6.0.0)
    stripe (5.43.0)
    strscan (3.0.1)
    thor (1.2.1)
    tilt (2.0.10)
    timeout (0.2.0)
    turbo-rails (1.0.1)
      actionpack (>= 6.0.0)
      railties (>= 6.0.0)
    tzinfo (2.0.4)
      concurrent-ruby (~> 1.0)
    vegas (0.1.11)
      rack (>= 1.0.0)
    warden (1.2.9)
      rack (>= 2.0.9)
    web-console (4.2.0)
      actionview (>= 6.0.0)
      activemodel (>= 6.0.0)
      bindex (>= 0.4.0)
      railties (>= 6.0.0)
    websocket-driver (0.7.5)
      websocket-extensions (>= 0.1.0)
    websocket-extensions (0.1.5)
    zeitwerk (2.5.4)

PLATFORMS
  ruby

DEPENDENCIES
  bootsnap
  cssbundling-rails
  debug
  devise (~> 4.8)
  jbuilder
  jsbundling-rails
  letter_opener (~> 1.7)
  pg (~> 1.1)
  puma (~> 5.0)
  rails!
  redis (~> 4.0)
  resque (~> 2.2)
  sprockets-rails
  stimulus-rails
  stripe (~> 5.43)
  turbo-rails
  tzinfo-data
  web-console

RUBY VERSION
   ruby 2.7.2p137

BUNDLED WITH
   2.1.2
